GEM
  remote: http://rubygems.org/
  specs:
    cpruntime (1.03)
    json (1.7.5)
    rack (1.4.1)
    rack-protection (1.2.0)
      rack
    redis (2.2.2)
    sinatra (1.3.3)
      rack (~> 1.3, >= 1.3.6)
      rack-protection (~> 1.2)
      tilt (~> 1.3, >= 1.3.3)
    tilt (1.3.3)

PLATFORMS
  ruby

DEPENDENCIES
  cpruntime (= 1.03)
  json
  redis (= 2.2.2)
  sinatra
